GEM
  remote: http://rubygems.org/
  specs:
    actionmailer (2.3.8)
      actionpack (= 2.3.8)
    actionpack (2.3.8)
      activesupport (= 2.3.8)
      rack (~> 1.1.0)
    activerecord (2.3.8)
      activesupport (= 2.3.8)
    activeresource (2.3.8)
      activesupport (= 2.3.8)
    activesupport (2.3.8)
    annotate (2.4.0)
    aws-s3 (0.6.2)
      builder
      mime-types
      xml-simple
    backup (2.2.1)
      aws-s3 (>= 0.6.2)
      net-scp (>= 1.0.2)
      net-sftp (>= 2.0.4)
      net-ssh (>= 2.0.15)
    builder (2.1.2)
    chronic (0.3.0)
    configatron (2.6.4)
      yamler (>= 0.1.0)
    diff-lcs (1.1.2)
    ezcrypto (0.7.2)
    forgery (0.3.6)
    haml (3.0.22)
    json (1.4.6)
    memcache-client (1.8.5)
    mime-types (1.16)
    mysql (2.8.1)
    net-scp (1.0.4)
      net-ssh (>= 1.99.1)
    net-sftp (2.0.5)
      net-ssh (>= 2.0.9)
    net-ssh (2.0.23)
    oauth (0.4.3)
    pacecar (1.2.0)
    rack (1.1.0)
    rails (2.3.8)
      actionmailer (= 2.3.8)
      actionpack (= 2.3.8)
      activerecord (= 2.3.8)
      activeresource (= 2.3.8)
      activesupport (= 2.3.8)
      rake (>= 0.8.3)
    rake (0.8.7)
    rspec (2.0.1)
      rspec-core (~> 2.0.1)
      rspec-expectations (~> 2.0.1)
      rspec-mocks (~> 2.0.1)
    rspec-core (2.0.1)
    rspec-expectations (2.0.1)
      diff-lcs (>= 1.1.2)
    rspec-mocks (2.0.1)
      rspec-core (~> 2.0.1)
      rspec-expectations (~> 2.0.1)
    rspec-rails (2.0.1)
      rspec (~> 2.0.0)
    sqlite3-ruby (1.2.4)
    twitter-auth (0.1.22)
      ezcrypto (>= 0.7.2)
      oauth (>= 0.3.1)
    whenever (0.4.1)
      chronic (>= 0.2.3)
    xml-simple (1.0.12)
    yamler (0.1.0)

PLATFORMS
  ruby

DEPENDENCIES
  annotate
  backup
  configatron
  ezcrypto
  forgery
  haml
  json
  memcache-client
  mime-types
  mysql
  oauth
  pacecar (= 1.2.0)
  rails (= 2.3.8)
  rspec
  rspec-rails
  sqlite3-ruby (= 1.2.4)
  twitter-auth
  whenever (= 0.4.1)
